GEM
  remote: http://rubygems.org/
  specs:
    activesupport (3.2.10)
      i18n (~> 0.6)
      multi_json (~> 1.0)
    addressable (2.2.8)
    coderay (1.0.8)
    columnize (0.3.6)
    debugger (1.2.3)
      columnize (>= 0.3.1)
      debugger-linecache (~> 1.1.1)
      debugger-ruby_core_source (~> 1.1.5)
    debugger-linecache (1.1.2)
      debugger-ruby_core_source (>= 1.1.1)
    debugger-ruby_core_source (1.1.6)
    diff-lcs (1.1.3)
    dm-core (1.2.0)
      addressable (~> 2.2.6)
    dm-validations (1.2.0)
      dm-core (~> 1.2.0)
    git (1.2.5)
    i18n (0.6.1)
    jeweler (1.8.4)
      bundler (~> 1.0)
      git (>= 1.2.5)
      rake
      rdoc
    json (1.7.6)
    method_source (0.8.1)
    multi_json (1.5.0)
    parse-ruby-client (0.1.1)
      patron
      vcr
    patron (0.4.18)
    pry (0.9.10)
      coderay (~> 1.0.5)
      method_source (~> 0.8)
      slop (~> 3.3.1)
    rake (10.0.3)
    rdoc (3.12)
      json (~> 1.4)
    rspec (2.12.0)
      rspec-core (~> 2.12.0)
      rspec-expectations (~> 2.12.0)
      rspec-mocks (~> 2.12.0)
    rspec-core (2.12.2)
    rspec-expectations (2.12.1)
      diff-lcs (~> 1.1.3)
    rspec-mocks (2.12.1)
    simplecov (0.7.1)
      multi_json (~> 1.0)
      simplecov-html (~> 0.7.1)
    simplecov-html (0.7.1)
    slop (3.3.3)
    vcr (2.4.0)
    yard (0.8.3)

PLATFORMS
  ruby

DEPENDENCIES
  activesupport (>= 3.2)
  bundler (>= 1.0.0)
  debugger (>= 1.1)
  dm-core (>= 1.2)
  dm-validations (>= 1.2)
  jeweler (>= 1.8.3)
  parse-ruby-client (= 0.1.1)
  pry (>= 0.9)
  rdoc (>= 3.12)
  rspec (>= 2.10.0)
  simplecov (>= 0.6)
  yard (>= 0.7)
